PATH
  remote: .
  specs:
    oauth2 (2.0.9)
      faraday (>= 0.17.3, < 3.0)
      jwt (>= 1.0, < 3.0)
      multi_xml (~> 0.5)
      rack (>= 1.2, < 4)
      snaky_hash (~> 2.0)
      version_gem (~> 1.1)

GEM
  remote: https://rubygems.org/
  specs:
    addressable (2.8.1)
      public_suffix (>= 2.0.2, < 6.0)
    ast (2.4.2)
    backports (3.23.0)
    byebug (11.1.3)
    childprocess (4.1.0)
    codecov (0.6.0)
      simplecov (>= 0.15, < 0.22)
    diff-lcs (1.5.0)
    docile (1.4.0)
    faraday (2.5.2)
      faraday-net_http (>= 2.0, < 3.1)
      ruby2_keywords (>= 0.0.4)
    faraday-net_http (3.0.0)
    github-markup (4.0.1)
    hashie (5.0.0)
    iniparse (1.5.0)
    jaro_winkler (1.5.4)
    json (2.6.2)
    jwt (2.5.0)
    multi_xml (0.6.0)
    overcommit (0.59.1)
      childprocess (>= 0.6.3, < 5)
      iniparse (~> 1.4)
      rexml (~> 3.2)
    parallel (1.22.1)
    parser (3.1.2.1)
      ast (~> 2.4.1)
    public_suffix (5.0.0)
    rack (3.0.0)
    rainbow (2.2.2)
      rake
    rake (13.0.6)
    redcarpet (3.5.1)
    rexml (3.2.5)
    rspec (3.11.0)
      rspec-core (~> 3.11.0)
      rspec-expectations (~> 3.11.0)
      rspec-mocks (~> 3.11.0)
    rspec-block_is_expected (1.0.2)
      rspec-core
    rspec-core (3.11.0)
      rspec-support (~> 3.11.0)
    rspec-expectations (3.11.1)
      diff-lcs (>= 1.2.0, < 2.0)
      rspec-support (~> 3.11.0)
    rspec-mocks (3.11.1)
      diff-lcs (>= 1.2.0, < 2.0)
      rspec-support (~> 3.11.0)
    rspec-pending_for (0.1.16)
      rspec-core
      ruby_engine (>= 1, < 3)
      ruby_version (~> 1.0)
    rspec-stubbed_env (1.0.0)
      rspec (>= 3.0)
    rspec-support (3.11.1)
    rubocop (0.68.1)
      jaro_winkler (~> 1.5.1)
      parallel (~> 1.10)
      parser (>= 2.5, != 2.5.1.1)
      rainbow (>= 2.2.2, < 4.0)
      ruby-progressbar (~> 1.7)
      unicode-display_width (>= 1.4.0, < 1.6)
    rubocop-lts (8.0.2)
      rubocop-ruby2_2 (~> 1.0.4)
    rubocop-performance (1.3.0)
      rubocop (>= 0.68.0)
    rubocop-rake (0.5.1)
      rubocop
    rubocop-rspec (1.41.0)
      rubocop (>= 0.68.1)
    rubocop-ruby2_2 (1.0.4)
      rubocop (= 0.68.1)
    rubocop-thread_safety (0.4.4)
      rubocop (>= 0.53.0)
    ruby-progressbar (1.11.0)
    ruby2_keywords (0.0.5)
    ruby_engine (2.0.0)
    ruby_version (1.0.2)
    silent_stream (1.0.6)
    simplecov (0.21.2)
      docile (~> 1.1)
      simplecov-html (~> 0.11)
      simplecov_json_formatter (~> 0.1)
    simplecov-cobertura (2.1.0)
      rexml
      simplecov (~> 0.19)
    simplecov-html (0.12.3)
    simplecov-json (0.2.3)
      json
      simplecov
    simplecov-lcov (0.8.0)
    simplecov_json_formatter (0.1.4)
    snaky_hash (2.0.1)
      hashie
      version_gem (~> 1.1, >= 1.1.1)
    unicode-display_width (1.5.0)
    version_gem (1.1.1)
    webrick (1.7.0)
    yard (0.9.28)
      webrick (~> 1.7.0)

PLATFORMS
  x86_64-darwin-21

DEPENDENCIES
  addressable (>= 2)
  backports (>= 3)
  bundler (>= 2)
  byebug
  codecov (~> 0.6)
  github-markup
  oauth2!
  overcommit (~> 0.58)
  pry-debugger-jruby
  rake (~> 13.0)
  redcarpet
  rexml (>= 3)
  rspec (~> 3.0)
  rspec-block_is_expected
  rspec-pending_for
  rspec-stubbed_env
  rubocop-lts (~> 8.0)
  rubocop-performance
  rubocop-rake
  rubocop-rspec
  rubocop-thread_safety
  silent_stream
  simplecov (~> 0.21)
  simplecov-cobertura
  simplecov-json
  simplecov-lcov (~> 0.8)
  yard

BUNDLED WITH
   2.3.22
